GIT
  remote: https://github.com/adhearsion/adhearsion.git
  revision: 6ccf8fbfeec4cbaf41c5e0969b28c3795aa306fd
  tag: 0.8.4
  specs:
    adhearsion (0.8.4)
      activesupport (>= 2.1.0)
      log4r (>= 1.0.5)
      rubigen (>= 1.0.6)

GEM
  remote: http://rubygems.org/
  specs:
    actionmailer (2.3.14)
      actionpack (= 2.3.14)
    actionpack (2.3.14)
      activesupport (= 2.3.14)
      rack (~> 1.1.0)
    activerecord (2.3.14)
      activesupport (= 2.3.14)
    activeresource (2.3.14)
      activesupport (= 2.3.14)
    activesupport (2.3.14)
    fastercsv (1.5.5)
    log4r (1.1.10)
    mysql (2.8.1)
    rack (1.1.3)
    rails (2.3.14)
      actionmailer (= 2.3.14)
      actionpack (= 2.3.14)
      activerecord (= 2.3.14)
      activeresource (= 2.3.14)
      activesupport (= 2.3.14)
      rake (>= 0.8.3)
    rake (0.9.2.2)
    rubigen (1.5.8)
      activesupport (>= 2.3.5, < 3.2.0)
    sqlite3 (1.3.3)

PLATFORMS
  ruby

DEPENDENCIES
  adhearsion (= 0.8.4)!
  fastercsv
  mysql
  rails (~> 2.3.11)
  sqlite3
