GEM
  remote: http://rubygems.org/
  specs:
    actionmailer (2.3.11)
      actionpack (= 2.3.11)
    actionpack (2.3.11)
      activesupport (= 2.3.11)
      rack (~> 1.1.0)
    activerecord (2.3.11)
      activesupport (= 2.3.11)
    activeresource (2.3.11)
      activesupport (= 2.3.11)
    activesupport (2.3.11)
    adhearsion (1.0.2)
      activesupport (>= 2.1.0)
      bundler (>= 1.0.10)
      i18n
      log4r (>= 1.0.5)
      rake
      rubigen (>= 1.5.6)
    fastercsv (1.5.4)
    i18n (0.5.0)
    log4r (1.1.9)
    mysql (2.8.1)
    rack (1.1.2)
    rails (2.3.11)
      actionmailer (= 2.3.11)
      actionpack (= 2.3.11)
      activerecord (= 2.3.11)
      activeresource (= 2.3.11)
      activesupport (= 2.3.11)
      rake (>= 0.8.3)
    rake (0.8.7)
    rubigen (1.5.6)
      activesupport (>= 2.3.5)
      i18n
    sqlite3 (1.3.3)

PLATFORMS
  ruby

DEPENDENCIES
  adhearsion
  fastercsv
  mysql
  rails (~> 2.3.11)
  sqlite3
