GIT
  remote: https://github.com/adhearsion/adhearsion.git
  revision: 6b56709457e40de76903e9887171737601d0de79
  tag: 1.0.1
  specs:
    adhearsion (1.0.1)
      activesupport (>= 2.1.0)
      bundler (>= 1.0.10)
      i18n
      log4r (>= 1.0.5)
      rubigen (>= 1.5.6)

GIT
  remote: https://github.com/mattetti/i18n.git
  revision: 38d85ea3b8eec032c1b0898a30f8010917416d9d
  ref: 38d85ea3b8eec032c1b0898a30f8010917416d9d
  specs:
    i18n (0.1.3)

GEM
  remote: http://rubygems.org/
  specs:
    actionmailer (2.3.14)
      actionpack (= 2.3.14)
    actionpack (2.3.14)
      activesupport (= 2.3.14)
      rack (~> 1.1.0)
    activerecord (2.3.14)
      activesupport (= 2.3.14)
    activeresource (2.3.14)
      activesupport (= 2.3.14)
    activesupport (2.3.14)
    fastercsv (1.5.5)
    log4r (1.1.10)
    mysql (2.8.1)
    rack (1.1.3)
    rails (2.3.14)
      actionmailer (= 2.3.14)
      actionpack (= 2.3.14)
      activerecord (= 2.3.14)
      activeresource (= 2.3.14)
      activesupport (= 2.3.14)
      rake (>= 0.8.3)
    rake (0.9.2.2)
    rubigen (1.5.8)
      activesupport (>= 2.3.5, < 3.2.0)
    sqlite3 (1.3.3)

PLATFORMS
  ruby

DEPENDENCIES
  adhearsion (= 1.0.1)!
  fastercsv
  i18n (= 0.1.3)!
  mysql
  rails (~> 2.3.11)
  sqlite3

BUNDLED WITH
   1.12.0
